GIT
  remote: git@github.com:/shoes/shoes4.git
  revision: 95ec6720f63c66b7490379352f007da59293c877
  specs:
    shoes (4.0.0.pre3)
      shoes-core (= 4.0.0.pre3)
      shoes-manual (~> 4.0.0, >= 4.0.0)
      shoes-swt (= 4.0.0.pre3)
    shoes-core (4.0.0.pre3)
    shoes-package (4.0.0.pre3)
      furoshiki (~> 0.3.0)
      shoes-core (= 4.0.0.pre3)
    shoes-swt (4.0.0.pre3)
      after_do (~> 0.3)
      shoes-core (= 4.0.0.pre3)
      shoes-package (= 4.0.0.pre3)
      swt (~> 4.4)

GEM
  remote: https://rubygems.org/
  specs:
    after_do (0.3.1)
    coderay (1.1.0)
    diff-lcs (1.2.5)
    ffi (1.9.8-java)
    furoshiki (0.3.0)
      plist
      rubyzip (>= 1.0.0)
      warbler (~> 1.4.4)
    jruby-jars (1.7.20)
    jruby-rack (1.1.18)
    method_source (0.8.2)
    mini_portile (0.6.2)
    nokogiri (1.6.4.1)
      mini_portile (~> 0.6.0)
    nokogiri (1.6.4.1-java)
    plist (3.1.0)
    pry (0.10.1)
      coderay (~> 1.1.0)
      method_source (~> 0.8.1)
      slop (~> 3.4)
    pry (0.10.1-java)
      coderay (~> 1.1.0)
      method_source (~> 0.8.1)
      slop (~> 3.4)
      spoon (~> 0.0)
    rake (10.4.2)
    rspec (3.2.0)
      rspec-core (~> 3.2.0)
      rspec-expectations (~> 3.2.0)
      rspec-mocks (~> 3.2.0)
    rspec-core (3.2.3)
      rspec-support (~> 3.2.0)
    rspec-expectations (3.2.1)
      diff-lcs (>= 1.2.0, < 2.0)
      rspec-support (~> 3.2.0)
    rspec-mocks (3.2.1)
      diff-lcs (>= 1.2.0, < 2.0)
      rspec-support (~> 3.2.0)
    rspec-support (3.2.2)
    rubyzip (1.1.7)
    shoes-highlighter (1.0.1)
    shoes-manual (4.0.0)
      nokogiri (~> 1.6.4.1, >= 1.6.4.1)
      shoes-highlighter (~> 1.0, >= 1.0.0)
    slop (3.6.0)
    spoon (0.0.4)
      ffi
    swt (4.4)
    warbler (1.4.7)
      jruby-jars (>= 1.5.6, < 2.0)
      jruby-rack (>= 1.1.1, < 1.3)
      rake (>= 0.9.6)
      rubyzip (>= 0.9, < 1.2)

PLATFORMS
  java
  ruby

DEPENDENCIES
  pry
  rspec
  shoes!
