GEM
  remote: https://rubygems.org/
  specs:
    coderay (1.1.0)
    diff-lcs (1.2.5)
    execjs (2.5.2)
    ffi (1.9.8-java)
    hike (1.2.3)
    json (1.8.2)
    json (1.8.2-java)
    libv8 (3.16.14.7)
    method_source (0.8.2)
    multi_json (1.11.0)
    opal (0.6.3)
      source_map
      sprockets
    opal-activesupport (0.1.0)
      opal (>= 0.5.0, < 1.0.0)
    opal-browser (0.2.0.beta1)
      opal (~> 0.6.0)
      paggio
    opal-jquery (0.2.0)
      opal (>= 0.5.0, < 1.0.0)
    paggio (0.2.4)
    pry (0.10.1)
      coderay (~> 1.1.0)
      method_source (~> 0.8.1)
      slop (~> 3.4)
    pry (0.10.1-java)
      coderay (~> 1.1.0)
      method_source (~> 0.8.1)
      slop (~> 3.4)
      spoon (~> 0.0)
    rack (1.6.1)
    rack-protection (1.5.3)
      rack
    react-jsx (0.8.0)
      execjs (>= 2.0.2)
      json (>= 1.8.0)
      react-source (>= 0.4.1)
    react-source (0.13.2)
    react.rb (0.3.0)
      opal (~> 0.6.0)
      opal-activesupport (~> 0)
      react-jsx (~> 0.8.0)
      sprockets (>= 2.2.3, < 3.0.0)
      therubyracer (~> 0)
    ref (1.0.5)
    rspec (3.2.0)
      rspec-core (~> 3.2.0)
      rspec-expectations (~> 3.2.0)
      rspec-mocks (~> 3.2.0)
    rspec-core (3.2.3)
      rspec-support (~> 3.2.0)
    rspec-expectations (3.2.1)
      diff-lcs (>= 1.2.0, < 2.0)
      rspec-support (~> 3.2.0)
    rspec-mocks (3.2.1)
      diff-lcs (>= 1.2.0, < 2.0)
      rspec-support (~> 3.2.0)
    rspec-support (3.2.2)
    sinatra (1.4.6)
      rack (~> 1.4)
      rack-protection (~> 1.4)
      tilt (>= 1.3, < 3)
    slop (3.6.0)
    source_map (3.0.1)
      json
    spoon (0.0.4)
      ffi
    sprockets (2.12.3)
      hike (~> 1.2)
      multi_json (~> 1.0)
      rack (~> 1.0)
      tilt (~> 1.1, != 1.3.0)
    therubyracer (0.12.2)
      libv8 (~> 3.16.14.0)
      ref
    tilt (1.4.1)

PLATFORMS
  java
  ruby

DEPENDENCIES
  opal-browser
  opal-jquery
  pry
  react-source
  react.rb
  rspec
  sinatra
